PATH
  remote: .
  specs:
    tomosia_123rf_crawl (0.1.9)
      httparty (= 0.18.1)
      nokogiri (= 1.10.10)
      spreadsheet (= 1.2.6)
      thor

GEM
  remote: https://rubygems.org/
  specs:
    httparty (0.18.1)
      mime-types (~> 3.0)
      multi_xml (>= 0.5.2)
    mime-types (3.3.1)
      mime-types-data (~> 3.2015)
    mime-types-data (3.2020.0512)
    mini_portile2 (2.4.0)
    multi_xml (0.6.0)
    nokogiri (1.10.10)
      mini_portile2 (~> 2.4.0)
    rake (12.3.3)
    ruby-ole (1.2.12.2)
    spreadsheet (1.2.6)
      ruby-ole (>= 1.0)
    thor (1.0.1)

PLATFORMS
  ruby

DEPENDENCIES
  rake (~> 12.0)
  tomosia_123rf_crawl!

BUNDLED WITH
   2.1.4
